GEM
  remote: https://gems.ruby-china.com/
  specs:
    RedCloth (4.2.9)
    activesupport (7.0.3)
      concurrent-ruby (~> 1.0, >= 1.0.2)
      i18n (>= 1.6, < 2)
      minitest (>= 5.1)
      tzinfo (~> 2.0)
    addressable (2.3.8)
    autoprefixer-rails (10.4.7.0)
      execjs (~> 2)
    bootstrap-sass (3.3.6)
      autoprefixer-rails (>= 5.2.1)
      sass (>= 3.3.4)
    chunky_png (1.4.0)
    coffee-script (2.4.1)
      coffee-script-source
      execjs
    coffee-script-source (1.12.2)
    colorator (0.1)
    compass (1.0.3)
      chunky_png (~> 1.2)
      compass-core (~> 1.0.2)
      compass-import-once (~> 1.0.5)
      rb-fsevent (>= 0.9.3)
      rb-inotify (>= 0.9)
      sass (>= 3.3.13, < 3.5)
    compass-core (1.0.3)
      multi_json (~> 1.0)
      sass (>= 3.3.0, < 3.5)
    compass-import-once (1.0.5)
      sass (>= 3.2, < 3.5)
    concurrent-ruby (1.1.10)
    ethon (0.15.0)
      ffi (>= 1.15.0)
    execjs (2.8.1)
    faraday (2.3.0)
      faraday-net_http (~> 2.0)
      ruby2_keywords (>= 0.0.4)
    faraday-net_http (2.0.3)
    fastimage (1.9.0)
      addressable (~> 2.3.5)
    ffi (1.15.5)
    font-awesome-sass (4.7.0)
      sass (>= 3.2)
    gemoji (2.1.0)
    github-pages (50)
      RedCloth (= 4.2.9)
      github-pages-health-check (= 1.0.1)
      jekyll (= 3.0.3)
      jekyll-coffeescript (= 1.0.1)
      jekyll-feed (= 0.4.0)
      jekyll-gist (= 1.4.0)
      jekyll-mentions (= 1.0.1)
      jekyll-paginate (= 1.1.0)
      jekyll-redirect-from (= 0.9.1)
      jekyll-sass-converter (= 1.3.0)
      jekyll-seo-tag (= 1.0.0)
      jekyll-sitemap (= 0.10.0)
      jekyll-textile-converter (= 0.1.0)
      jemoji (= 0.5.1)
      kramdown (= 1.9.0)
      liquid (= 3.0.6)
      mercenary (~> 0.3)
      rdiscount (= 2.1.8)
      redcarpet (= 3.3.3)
      rouge (= 1.10.1)
      terminal-table (~> 1.4)
    github-pages-health-check (1.0.1)
      addressable (~> 2.3)
      net-dns (~> 0.8)
      octokit (~> 4.0)
      public_suffix (~> 1.4)
      typhoeus (~> 0.7)
    html-pipeline (2.14.2)
      activesupport (>= 2)
      nokogiri (>= 1.4)
    i18n (1.10.0)
      concurrent-ruby (~> 1.0)
    jekyll (3.0.3)
      colorator (~> 0.1)
      jekyll-sass-converter (~> 1.0)
      jekyll-watch (~> 1.1)
      kramdown (~> 1.3)
      liquid (~> 3.0)
      mercenary (~> 0.3.3)
      rouge (~> 1.7)
      safe_yaml (~> 1.0)
    jekyll-archives (2.1.0)
      jekyll (>= 2.4)
    jekyll-assets (2.1.2)
      fastimage (~> 1.8)
      jekyll (~> 3.0)
      sprockets (~> 3.3)
      sprockets-helpers (~> 1.2)
      tilt (~> 2.0)
    jekyll-coffeescript (1.0.1)
      coffee-script (~> 2.2)
    jekyll-contentblocks (1.1.0)
      jekyll
    jekyll-feed (0.4.0)
    jekyll-gist (1.4.0)
      octokit (~> 4.2)
    jekyll-mentions (1.0.1)
      html-pipeline (~> 2.3)
      jekyll (~> 3.0)
    jekyll-paginate (1.1.0)
    jekyll-redirect-from (0.9.1)
      jekyll (>= 2.0)
    jekyll-sass-converter (1.3.0)
      sass (~> 3.2)
    jekyll-seo-tag (1.0.0)
      jekyll (>= 2.0)
    jekyll-sitemap (0.10.0)
    jekyll-tagging (1.0.1)
      ruby-nuggets
    jekyll-tagging-related_posts (0.2.1)
      jekyll (~> 3.0)
      jekyll-tagging (~> 1.0.0)
    jekyll-textile-converter (0.1.0)
      RedCloth (~> 4.0)
    jekyll-watch (1.5.1)
      listen (~> 3.0)
    jekyll_version_plugin (1.0.2)
    jemoji (0.5.1)
      gemoji (~> 2.0)
      html-pipeline (~> 2.2)
      jekyll (>= 2.0)
    json (2.6.2)
    kramdown (1.9.0)
    liquid (3.0.6)
    listen (3.7.1)
      rb-fsevent (~> 0.10, >= 0.10.3)
      rb-inotify (~> 0.9, >= 0.9.10)
    mercenary (0.3.6)
    mini_portile2 (2.8.0)
    minitest (5.16.0)
    multi_json (1.15.0)
    net-dns (0.9.0)
    nokogiri (1.13.6)
      mini_portile2 (~> 2.8.0)
      racc (~> 1.4)
    nuggets (1.0.0)
    octokit (4.25.0)
      faraday (>= 1, < 3)
      sawyer (~> 0.9)
    posix-spawn (0.3.15)
    public_suffix (1.5.3)
    pygments.rb (0.6.3)
      posix-spawn (~> 0.3.6)
      yajl-ruby (~> 1.2.0)
    racc (1.6.0)
    rack (2.2.3.1)
    rb-fsevent (0.11.1)
    rb-inotify (0.10.1)
      ffi (~> 1.0)
    rdiscount (2.1.8)
    redcarpet (3.3.3)
    rouge (1.10.1)
    ruby-nuggets (1.0.0)
      nuggets (= 1.0.0)
    ruby2_keywords (0.0.5)
    safe_yaml (1.0.5)
    sass (3.4.25)
    sawyer (0.9.2)
      addressable (>= 2.3.5)
      faraday (>= 0.17.3, < 3)
    sprockets (3.7.2)
      concurrent-ruby (~> 1.0)
      rack (> 1, < 3)
    sprockets-helpers (1.4.0)
      sprockets (>= 2.2)
    terminal-table (1.8.0)
      unicode-display_width (~> 1.1, >= 1.1.1)
    tilt (2.0.10)
    typhoeus (0.8.0)
      ethon (>= 0.8.0)
    tzinfo (2.0.4)
      concurrent-ruby (~> 1.0)
    uglifier (2.7.2)
      execjs (>= 0.3.0)
      json (>= 1.8.0)
    unicode-display_width (1.8.0)
    yajl-ruby (1.2.3)

PLATFORMS
  ruby

DEPENDENCIES
  bootstrap-sass
  compass
  font-awesome-sass
  github-pages (= 50)
  jekyll (~> 3.0)
  jekyll-archives
  jekyll-assets
  jekyll-contentblocks
  jekyll-feed
  jekyll-seo-tag
  jekyll-sitemap
  jekyll-tagging
  jekyll-tagging-related_posts
  jekyll_version_plugin
  pygments.rb
  uglifier

BUNDLED WITH
   1.16.4
